PATH
  remote: ../frame
  specs:
    frame (0.1.0)
      erubis (~> 2.7)
      king_record
      rack (~> 1.6)
    king_record (0.0.0)
      sqlite3 (~> 1.3)

GEM
  remote: https://rubygems.org/
  specs:
    erubis (2.7.0)
    rack (1.6.4)
    sqlite3 (1.3.12)

PLATFORMS
  ruby

DEPENDENCIES
  frame!
  rack
  sqlite3

BUNDLED WITH
   1.12.5
